GEM
  remote: http://rubygems.org/
  specs:
    ZenTest (4.8.1)
    actionmailer (3.1.4)
      actionpack (= 3.1.4)
      mail (~> 2.3.0)
    actionpack (3.1.4)
      activemodel (= 3.1.4)
      activesupport (= 3.1.4)
      builder (~> 3.0.0)
      erubis (~> 2.7.0)
      i18n (~> 0.6)
      rack (~> 1.3.6)
      rack-cache (~> 1.1)
      rack-mount (~> 0.8.2)
      rack-test (~> 0.6.1)
      sprockets (~> 2.0.3)
    activemodel (3.1.4)
      activesupport (= 3.1.4)
      builder (~> 3.0.0)
      i18n (~> 0.6)
    activerecord (3.1.4)
      activemodel (= 3.1.4)
      activesupport (= 3.1.4)
      arel (~> 2.2.3)
      tzinfo (~> 0.3.29)
    activeresource (3.1.4)
      activemodel (= 3.1.4)
      activesupport (= 3.1.4)
    activesupport (3.1.4)
      multi_json (~> 1.0)
    acts_as_api (0.4)
      activemodel (>= 3.0.0)
      activesupport (>= 3.0.0)
      rack (>= 1.1.0)
    addressable (2.2.8)
    ansi (1.4.2)
    arel (2.2.3)
    autotest (4.4.6)
      ZenTest (>= 4.4.1)
    autotest-rails-pure (4.1.2)
    backbone-on-rails (0.9.2.0)
      eco (~> 1.0.0)
      ejs (~> 1.0.0)
      jquery-rails
      railties (>= 3.1)
    bcrypt-ruby (3.0.1)
    bcrypt-ruby (3.0.1-x86-mingw32)
    bootstrap-sass (2.0.3.1)
    bson (1.6.4)
    bson_ext (1.6.4)
      bson (~> 1.6.4)
    builder (3.0.0)
    cancan (1.6.7)
    capybara (1.1.2)
      mime-types (>= 1.16)
      nokogiri (>= 1.3.3)
      rack (>= 1.0.0)
      rack-test (>= 0.5.4)
      selenium-webdriver (~> 2.0)
      xpath (~> 0.1.4)
    childprocess (0.3.2)
      ffi (~> 1.0.6)
    chunky_png (1.2.5)
    coffee-rails (3.1.1)
      coffee-script (>= 2.2.0)
      railties (~> 3.1.0)
    coffee-script (2.2.0)
      coffee-script-source
      execjs
    coffee-script-source (1.3.3)
    compass (0.13.alpha.0)
      chunky_png (~> 1.2)
      fssm (>= 0.2.7)
      sass (~> 3.2.0.alpha.93)
    compass-rails (1.0.0.rc.4)
      compass (~> 0.12.rc.0)
    cucumber (1.2.1)
      builder (>= 2.1.2)
      diff-lcs (>= 1.1.3)
      gherkin (~> 2.11.0)
      json (>= 1.4.6)
    cucumber-rails (1.3.0)
      capybara (>= 1.1.2)
      cucumber (>= 1.1.8)
      nokogiri (>= 1.5.0)
    daemons (1.0.10)
    database_cleaner (0.8.0)
    devise (2.1.2)
      bcrypt-ruby (~> 3.0)
      orm_adapter (~> 0.1)
      railties (~> 3.1)
      warden (~> 1.2.1)
    diff-lcs (1.1.3)
    eco (1.0.0)
      coffee-script
      eco-source
      execjs
    eco-source (1.1.0.rc.1)
    ejs (1.0.0)
    erubis (2.7.0)
    execjs (1.4.0)
      multi_json (~> 1.0)
    fabrication (2.0.2)
    faraday (0.8.1)
      multipart-post (~> 1.1)
    ffi (1.0.11)
    fssm (0.2.9)
    gem_plugin (0.2.3)
    geocoder (1.1.2)
    gherkin (2.11.0)
      json (>= 1.4.6)
    gherkin (2.11.0-x86-mingw32)
      json (>= 1.4.6)
    guard (1.2.1)
      listen (>= 0.4.2)
      thor (>= 0.14.6)
    guard-jasmine-headless-webkit (0.3.2)
      guard (>= 0.4.0)
      jasmine-headless-webkit (>= 0.7.0)
    hashie (1.2.0)
    hike (1.2.1)
    httpauth (0.1)
    i18n (0.6.0)
    jasmine (1.2.0)
      jasmine-core (>= 1.2.0)
      rack (~> 1.0)
      rspec (>= 1.3.1)
      selenium-webdriver (>= 0.1.3)
    jasmine-core (1.2.0)
    jasmine-headless-webkit (0.8.4)
      coffee-script
      jasmine-core (~> 1.1)
      multi_json
      rainbow
      sprockets (~> 2)
    jasmine-spec-extras (0.0.2)
    jquery-datatables-rails (1.10.0)
      jquery-rails
    jquery-rails (1.0.19)
      railties (~> 3.0)
      thor (~> 0.14)
    json (1.7.3)
    koala (1.5.0)
      faraday (~> 0.7)
      multi_json (~> 1.3)
    launchy (2.1.0)
      addressable (~> 2.2.6)
    libwebsocket (0.1.3)
      addressable
    linkedin (0.3.7)
      hashie (~> 1.2)
      multi_json (~> 1.0)
      oauth (~> 0.4)
    listen (0.4.6)
      rb-fchange (~> 0.0.5)
      rb-fsevent (~> 0.9.1)
      rb-inotify (~> 0.8.8)
    mail (2.3.3)
      i18n (>= 0.4.0)
      mime-types (~> 1.16)
      treetop (~> 1.4.8)
    mime-types (1.19)
    mongo (1.6.2)
      bson (~> 1.6.2)
    mongoid (2.4.11)
      activemodel (~> 3.1)
      mongo (<= 1.6.2)
      tzinfo (~> 0.3.22)
    mongrel (1.2.0.pre2)
      daemons (~> 1.0.10)
      gem_plugin (~> 0.2.3)
    mongrel (1.2.0.pre2-x86-mingw32)
      gem_plugin (~> 0.2.3)
    multi_json (1.3.6)
    multipart-post (1.1.5)
    nokogiri (1.5.4)
    nokogiri (1.5.4-x86-mingw32)
    oauth (0.4.6)
    oauth2 (0.6.1)
      faraday (~> 0.7)
      httpauth (~> 0.1)
      multi_json (~> 1.3)
    omniauth (1.1.0)
      hashie (~> 1.2)
      rack
    omniauth-facebook (1.3.0)
      omniauth-oauth2 (~> 1.0.2)
    omniauth-linkedin (0.0.6)
      omniauth-oauth (~> 1.0.0)
    omniauth-oauth (1.0.1)
      oauth
      omniauth (~> 1.0)
    omniauth-oauth2 (1.0.2)
      oauth2 (~> 0.6.0)
      omniauth (~> 1.0)
    omniauth-twitter (0.0.11)
      multi_json (~> 1.3)
      omniauth-oauth (~> 1.0)
    orm_adapter (0.3.0)
    polyglot (0.3.3)
    rack (1.3.6)
    rack-cache (1.2)
      rack (>= 0.4)
    rack-mount (0.8.3)
      rack (>= 1.0.0)
    rack-ssl (1.3.2)
      rack
    rack-test (0.6.1)
      rack (>= 1.0)
    rails (3.1.4)
      actionmailer (= 3.1.4)
      actionpack (= 3.1.4)
      activerecord (= 3.1.4)
      activeresource (= 3.1.4)
      activesupport (= 3.1.4)
      bundler (~> 1.0)
      railties (= 3.1.4)
    railties (3.1.4)
      actionpack (= 3.1.4)
      activesupport (= 3.1.4)
      rack-ssl (~> 1.3.2)
      rake (>= 0.8.7)
      rdoc (~> 3.4)
      thor (~> 0.14.6)
    rainbow (1.1.4)
    rake (0.9.2.2)
    rb-fchange (0.0.5)
      ffi
    rb-fsevent (0.9.1)
    rb-inotify (0.8.8)
      ffi (>= 0.5.0)
    rdoc (3.12)
      json (~> 1.4)
    rspec (2.10.0)
      rspec-core (~> 2.10.0)
      rspec-expectations (~> 2.10.0)
      rspec-mocks (~> 2.10.0)
    rspec-core (2.10.1)
    rspec-expectations (2.10.0)
      diff-lcs (~> 1.1.3)
    rspec-mocks (2.10.1)
    rspec-rails (2.10.1)
      actionpack (>= 3.0)
      activesupport (>= 3.0)
      railties (>= 3.0)
      rspec (~> 2.10.0)
    rubyzip (0.9.9)
    sass (3.2.0.alpha.247)
    sass-rails (3.1.6)
      actionpack (~> 3.1.0)
      railties (~> 3.1.0)
      sass (>= 3.1.10)
      tilt (~> 1.3.2)
    selenium-webdriver (2.24.0)
      childprocess (>= 0.2.5)
      libwebsocket (~> 0.1.3)
      multi_json (~> 1.0)
      rubyzip
    simple_oauth (0.1.8)
    spork (0.9.2)
    sprockets (2.0.4)
      hike (~> 1.2)
      rack (~> 1.0)
      tilt (~> 1.1, != 1.3.0)
    susy (1.0.rc.1)
      compass (>= 0.12.2.rc.0)
      sass (>= 3.2.0.alpha.237)
    thor (0.14.6)
    tilt (1.3.3)
    treetop (1.4.10)
      polyglot
      polyglot (>= 0.3.1)
    turn (0.9.5)
      ansi
    twitter (2.5.0)
      faraday (~> 0.8)
      multi_json (~> 1.3)
      simple_oauth (~> 0.1.6)
    tzinfo (0.3.33)
    uglifier (1.2.5)
      execjs (>= 0.3.0)
      multi_json (~> 1.3)
    warden (1.2.1)
      rack (>= 1.0)
    xpath (0.1.4)
      nokogiri (~> 1.3)

PLATFORMS
  ruby
  x86-mingw32

DEPENDENCIES
  acts_as_api
  autotest
  autotest-rails-pure
  backbone-on-rails
  bootstrap-sass (~> 2.0.1)
  bson_ext (~> 1.3)
  cancan
  capybara
  coffee-rails (~> 3.1.0)
  compass-rails (>= 1.0.0.rc.4)
  cucumber-rails
  database_cleaner
  devise
  fabrication
  geocoder
  guard
  guard-jasmine-headless-webkit
  jasmine
  jasmine-headless-webkit
  jasmine-spec-extras
  jquery-datatables-rails
  jquery-rails
  koala
  launchy
  linkedin
  mongoid (~> 2.2)
  mongrel (= 1.2.0.pre2)
  omniauth
  omniauth-facebook
  omniauth-linkedin
  omniauth-twitter
  rails (= 3.1.4)
  rake
  rspec-rails
  sass-rails (~> 3.1.0)
  spork
  susy
  turn
  twitter
  uglifier
